GEM
  remote: https://rubygems.org/
  specs:
    aws-sdk (2.10.23)
      aws-sdk-resources (= 2.10.23)
    aws-sdk-core (2.10.23)
      aws-sigv4 (~> 1.0)
      jmespath (~> 1.0)
    aws-sdk-resources (2.10.23)
      aws-sdk-core (= 2.10.23)
    aws-sigv4 (1.0.1)
    byebug (9.0.6)
    chronic (0.10.2)
    diff-lcs (1.3)
    jmespath (1.3.1)
    rspec (3.6.0)
      rspec-core (~> 3.6.0)
      rspec-expectations (~> 3.6.0)
      rspec-mocks (~> 3.6.0)
    rspec-core (3.6.0)
      rspec-support (~> 3.6.0)
    rspec-expectations (3.6.0)
      diff-lcs (>= 1.2.0, < 2.0)
      rspec-support (~> 3.6.0)
    rspec-mocks (3.6.0)
      diff-lcs (>= 1.2.0, < 2.0)
      rspec-support (~> 3.6.0)
    rspec-support (3.6.0)
    whenever (0.9.7)
      chronic (>= 0.6.3)

PLATFORMS
  ruby

DEPENDENCIES
  aws-sdk
  byebug
  rspec
  whenever

BUNDLED WITH
   1.14.6
